GEM
  remote: https://rubygems.org/
  specs:
    cairo (1.17.8)
      native-package-installer (>= 1.0.3)
      pkg-config (>= 1.2.2)
      red-colors
    cairo-gobject (4.0.5)
      cairo (>= 1.16.2)
      glib2 (= 4.0.5)
    glib2 (4.0.5)
      native-package-installer (>= 1.0.3)
      pkg-config (>= 1.3.5)
    gobject-introspection (4.0.5)
      glib2 (= 4.0.5)
    matrix (0.4.2)
    mustermann (3.0.0)
      ruby2_keywords (~> 0.0.1)
    native-package-installer (1.1.5)
    nio4r (2.5.8)
    pango (4.0.5)
      cairo-gobject (= 4.0.5)
      gobject-introspection (= 4.0.5)
    pkg-config (1.5.1)
    puma (6.0.2)
      nio4r (~> 2.0)
    rack (2.2.6.2)
    rack-protection (3.0.5)
      rack
    red-colors (0.3.0)
      matrix
    ruby2_keywords (0.0.5)
    sinatra (3.0.5)
      mustermann (~> 3.0)
      rack (~> 2.2, >= 2.2.4)
      rack-protection (= 3.0.5)
      tilt (~> 2.0)
    tilt (2.0.11)

PLATFORMS
  ruby

DEPENDENCIES
  pango
  puma
  rack
  sinatra (>= 3.0)

RUBY VERSION
   ruby 3.2.0p0

BUNDLED WITH
   2.4.1
