GEM
  remote: https://rubygems.org/
  specs:
    base64 (0.2.0)
    cairo (1.17.14)
      native-package-installer (>= 1.0.3)
      pkg-config (>= 1.2.2)
      red-colors
    cairo-gobject (4.2.7)
      cairo (>= 1.16.2)
      glib2 (= 4.2.7)
    glib2 (4.2.7)
      native-package-installer (>= 1.0.3)
      pkg-config (>= 1.3.5)
    gobject-introspection (4.2.7)
      glib2 (= 4.2.7)
    json (2.9.1)
    logger (1.6.4)
    matrix (0.4.2)
    mustermann (3.0.3)
      ruby2_keywords (~> 0.0.1)
    native-package-installer (1.1.9)
    nio4r (2.7.4)
    pango (4.2.7)
      cairo-gobject (= 4.2.7)
      gobject-introspection (= 4.2.7)
    pkg-config (1.5.9)
    puma (6.5.0)
      nio4r (~> 2.0)
    rack (3.1.10)
    rack-protection (4.1.1)
      base64 (>= 0.1.0)
      logger (>= 1.6.0)
      rack (>= 3.0.0, < 4)
    rack-session (2.1.0)
      base64 (>= 0.1.0)
      rack (>= 3.0.0)
    rackup (2.2.1)
      rack (>= 3)
    red-colors (0.4.0)
      json
      matrix
    ruby2_keywords (0.0.5)
    sinatra (4.1.1)
      logger (>= 1.6.0)
      mustermann (~> 3.0)
      rack (>= 3.0.0, < 4)
      rack-protection (= 4.1.1)
      rack-session (>= 2.0.0, < 3)
      tilt (~> 2.0)
    tilt (2.5.0)

PLATFORMS
  ruby

DEPENDENCIES
  pango
  puma
  rack
  rackup
  sinatra

BUNDLED WITH
   2.6.2
