GEM
  remote: https://rubygems.org/
  specs:
    cairo (1.17.12)
      native-package-installer (>= 1.0.3)
      pkg-config (>= 1.2.2)
      red-colors
    cairo-gobject (4.1.8)
      cairo (>= 1.16.2)
      glib2 (= 4.1.8)
    glib2 (4.1.8)
      native-package-installer (>= 1.0.3)
      pkg-config (>= 1.3.5)
    gobject-introspection (4.1.8)
      glib2 (= 4.1.8)
    matrix (0.4.2)
    mustermann (3.0.0)
      ruby2_keywords (~> 0.0.1)
    native-package-installer (1.1.8)
    nio4r (2.5.9)
    pango (4.1.8)
      cairo-gobject (= 4.1.8)
      gobject-introspection (= 4.1.8)
    pkg-config (1.5.2)
    puma (6.3.0)
      nio4r (~> 2.0)
    rack (2.2.8)
    rack-protection (3.1.0)
      rack (~> 2.2, >= 2.2.4)
    red-colors (0.3.0)
      matrix
    ruby2_keywords (0.0.5)
    sinatra (3.1.0)
      mustermann (~> 3.0)
      rack (~> 2.2, >= 2.2.4)
      rack-protection (= 3.1.0)
      tilt (~> 2.0)
    tilt (2.2.0)

PLATFORMS
  ruby

DEPENDENCIES
  glib2
  pango
  puma
  rack
  sinatra (>= 3.0)

RUBY VERSION
   ruby 3.2.2p53

BUNDLED WITH
   2.4.17
