GEM
  remote: https://rubygems.org/
  specs:
    base64 (0.2.0)
    cairo (1.17.13)
      native-package-installer (>= 1.0.3)
      pkg-config (>= 1.2.2)
      red-colors
    cairo-gobject (4.2.2)
      cairo (>= 1.16.2)
      glib2 (= 4.2.2)
    glib2 (4.2.2)
      native-package-installer (>= 1.0.3)
      pkg-config (>= 1.3.5)
    gobject-introspection (4.2.2)
      glib2 (= 4.2.2)
    json (2.7.2)
    matrix (0.4.2)
    mustermann (3.0.0)
      ruby2_keywords (~> 0.0.1)
    native-package-installer (1.1.9)
    nio4r (2.7.1)
    pango (4.2.2)
      cairo-gobject (= 4.2.2)
      gobject-introspection (= 4.2.2)
    pkg-config (1.5.6)
    puma (6.4.2)
      nio4r (~> 2.0)
    rack (3.0.10)
    rack-protection (4.0.0)
      base64 (>= 0.1.0)
      rack (>= 3.0.0, < 4)
    rack-session (2.0.0)
      rack (>= 3.0.0)
    red-colors (0.4.0)
      json
      matrix
    ruby2_keywords (0.0.5)
    sinatra (4.0.0)
      mustermann (~> 3.0)
      rack (>= 3.0.0, < 4)
      rack-protection (= 4.0.0)
      rack-session (>= 2.0.0, < 3)
      tilt (~> 2.0)
    tilt (2.3.0)

PLATFORMS
  ruby

DEPENDENCIES
  pango
  puma
  rack
  sinatra (>= 3.0)

RUBY VERSION
   ruby 3.3.0p0

BUNDLED WITH
   2.5.7
